GEM
  remote: https://rubygems.org/
  specs:
    rake (12.3.3)

PLATFORMS
  x86_64-darwin-20

DEPENDENCIES
  rake (~> 12.0)

BUNDLED WITH
   2.2.32
